PATH
  remote: .
  specs:
    bcrypt (3.1.11)

GEM
  remote: https://rubygems.org/
  specs:
    diff-lcs (1.3)
    json (1.8.6)
    json (1.8.6-java)
    rake (12.0.0)
    rake-compiler (0.9.9)
      rake
    rdoc (3.12.2)
      json (~> 1.4)
    rspec (3.6.0)
      rspec-core (~> 3.6.0)
      rspec-expectations (~> 3.6.0)
      rspec-mocks (~> 3.6.0)
    rspec-core (3.6.0)
      rspec-support (~> 3.6.0)
    rspec-expectations (3.6.0)
      diff-lcs (>= 1.2.0, < 2.0)
      rspec-support (~> 3.6.0)
    rspec-mocks (3.6.0)
      diff-lcs (>= 1.2.0, < 2.0)
      rspec-support (~> 3.6.0)
    rspec-support (3.6.0)

PLATFORMS
  java
  ruby
  x64-mingw32
  x86-mingw32

DEPENDENCIES
  bcrypt!
  rake-compiler (~> 0.9.2)
  rdoc (~> 3.12)
  rspec (>= 3)

BUNDLED WITH
   1.14.6
